GEM
  remote: http://rubygems.org/
  specs:
    activesupport (3.0.3)
    bson (1.1.5)
    jnunemaker-validatable (1.8.4)
      activesupport (>= 2.3.4)
    mongo (1.1.5)
      bson (>= 1.1.5)
    mongo_mapper (0.8.6)
      activesupport (>= 2.3.4)
      jnunemaker-validatable (~> 1.8.4)
      plucky (~> 0.3.6)
    plucky (0.3.6)
      mongo (~> 1.1)

PLATFORMS
  ruby

DEPENDENCIES
  mongo_mapper (= 0.8.6)
